GEM
  remote: https://rubygems.org/
  specs:
    ast (2.4.0)
    hike (1.2.3)
    hyper-react (0.12.7)
      hyper-store (>= 0.2.1)
      hyperloop-config (>= 0.9.7)
      opal (>= 0.8.0)
      opal-activesupport (>= 0.2.0)
    hyper-store (0.2.3)
      hyperloop-config (>= 0.9.2)
    hyperloop-config (0.9.11)
      opal
      opal-browser
    opal (0.11.0)
      ast (>= 2.3.0)
      hike (~> 1.2)
      parser (= 2.3.3.1)
      sourcemap (~> 0.1.0)
    opal-activesupport (0.3.1)
      opal (>= 0.5.0, < 1.0.0)
    opal-browser (0.2.0)
      opal
      paggio
    paggio (0.2.6)
    parser (2.3.3.1)
      ast (~> 2.2)
    rake (12.3.1)
    sourcemap (0.1.1)

PLATFORMS
  ruby

DEPENDENCIES
  hyper-react
  rake

BUNDLED WITH
   1.16.1
